PATH
  remote: .
  specs:
    email_client (0.0.0)
      mail (~> 2.6)

GEM
  remote: https://rubygems.org/
  specs:
    mail (2.6.3)
      mime-types (>= 1.16, < 3)
    mime-types (2.6.1)

PLATFORMS
  ruby

DEPENDENCIES
  email_client!
